GIT
  remote: git://github.com/ninkibah/country-select.git
  revision: 727258eaaf50c84271f8022c045003bdd7b221bc
  specs:
    country-select (1.2.4)

GIT
  remote: git://github.com/theodi/gds-api-adapters.git
  revision: 1a963d9064719d1aff608e6b7232166ae4af489b
  specs:
    gds-api-adapters (7.25.0)
      activesupport
      link_header
      lrucache (~> 0.1.1)
      null_logger
      plek
      rest-client (~> 1.6.3)

GIT
  remote: git://github.com/theodi/odi_content_models.git
  revision: 0d9376730f8cc0d7454abb9dce73ce4d83114cdb
  specs:
    odi_content_models (0.0.1)
      govuk_content_models (= 6.1.0)
      mongoid_spacial

GIT
  remote: git://github.com/theodi/odidown.git
  revision: 4917597d21cc727fa30d5efab499e133e93d2979
  specs:
    odidown (0.0.1)
      govspeak (~> 1.2.3)

GIT
  remote: git://github.com/theodi/odlifier.git
  revision: f55d3c3b455f0fd0a87134f76a53a52846306c89
  specs:
    odlifier (0.1.1)
      httparty

GIT
  remote: git://github.com/zethussuen/epic-editor-rails.git
  revision: 9a4319d1f23e90fae19b3e3d5fe962609d33cec4
  specs:
    epic-editor-rails (0.2.4)
      railties (>= 3.2, < 5.0)

GIT
  remote: https://github.com/alphagov/nested_form.git
  revision: ac43d8fe0cd3805b7309169ca8fbdd6a1527d9b5
  branch: add-wrapper-class
  specs:
    nested_form (0.3.2)

GIT
  remote: https://github.com/cgunther/formtastic-bootstrap.git
  revision: 3428fef4f7870b01241d65893b882ad32cfc18d8
  branch: bootstrap-2
  specs:
    formtastic-bootstrap (1.2.0)
      formtastic
      rails (>= 3.1.0)

GIT
  remote: https://github.com/justinfrench/formtastic.git
  revision: 7b7428fa4a6a44aea1e8278523f4f45f2570a33d
  branch: 2.1-stable
  specs:
    formtastic (2.1.1)
      actionpack (~> 3.0)

GEM
  remote: https://rubygems.org/
  specs:
    CFPropertyList (2.3.5)
    PriorityQueue (0.1.2)
    actionmailer (3.2.22)
      actionpack (= 3.2.22)
      mail (~> 2.5.4)
    actionpack (3.2.22)
      activemodel (= 3.2.22)
      activesupport (= 3.2.22)
      builder (~> 3.0.0)
      erubis (~> 2.7.0)
      journey (~> 1.0.4)
      rack (~> 1.4.5)
      rack-cache (~> 1.2)
      rack-test (~> 0.6.1)
      sprockets (~> 2.2.1)
    activemodel (3.2.22)
      activesupport (= 3.2.22)
      builder (~> 3.0.0)
    activerecord (3.2.22)
      activemodel (= 3.2.22)
      activesupport (= 3.2.22)
      arel (~> 3.0.2)
      tzinfo (~> 0.3.29)
    activeresource (3.2.22)
      activemodel (= 3.2.22)
      activesupport (= 3.2.22)
    activesupport (3.2.22)
      i18n (~> 0.6, >= 0.6.4)
      multi_json (~> 1.0)
    addressable (2.4.0)
    airbrake (4.3.4)
      builder
      multi_json
    ansi (1.5.0)
    arel (3.0.3)
    bootstrap-datepicker-rails (1.6.4.1)
      railties (>= 3.0)
    bson (1.7.1)
    bson_ext (1.7.1)
      bson (~> 1.7.1)
    builder (3.0.4)
    capybara (1.1.4)
      mime-types (>= 1.16)
      nokogiri (>= 1.3.3)
      rack (>= 1.0.0)
      rack-test (>= 0.5.4)
      selenium-webdriver (~> 2.0)
      xpath (~> 0.1.4)
    childprocess (0.5.8)
      ffi (~> 1.0, >= 1.0.11)
    chronic (0.10.2)
    ci_reporter (1.9.3)
      builder (>= 2.1.2)
    commonjs (0.2.7)
    crack (0.4.3)
      safe_yaml (~> 1.0.0)
    daemons (1.2.4)
    database_cleaner (1.4.1)
    differ (0.1.2)
    docile (1.1.5)
    dotenv (2.2.1)
    dotenv-rails (2.2.1)
      dotenv (= 2.2.1)
      railties (>= 3.2, < 5.2)
    erubis (2.7.0)
    eventmachine (1.2.3)
    excon (0.58.0)
    execjs (2.7.0)
    factory_girl (4.8.0)
      activesupport (>= 3.0.0)
    factory_girl_rails (4.8.0)
      factory_girl (~> 4.8.0)
      railties (>= 3.0.0)
    faker (1.1.2)
      i18n (~> 0.5)
    faraday (0.9.2)
      multipart-post (>= 1.2, < 3)
    faye-websocket (0.4.7)
      eventmachine (>= 0.12.0)
    ffi (1.9.10)
    fission (0.5.0)
      CFPropertyList (~> 2.2)
    fog (1.41.0)
      fog-aliyun (>= 0.1.0)
      fog-atmos
      fog-aws (>= 0.6.0)
      fog-brightbox (~> 0.4)
      fog-cloudatcost (~> 0.1.0)
      fog-core (~> 1.45)
      fog-digitalocean (>= 0.3.0)
      fog-dnsimple (~> 1.0)
      fog-dynect (~> 0.0.2)
      fog-ecloud (~> 0.1)
      fog-google (<= 0.1.0)
      fog-internet-archive
      fog-joyent
      fog-json
      fog-local
      fog-openstack
      fog-powerdns (>= 0.1.1)
      fog-profitbricks
      fog-rackspace
      fog-radosgw (>= 0.0.2)
      fog-riakcs
      fog-sakuracloud (>= 0.0.4)
      fog-serverlove
      fog-softlayer
      fog-storm_on_demand
      fog-terremark
      fog-vmfusion
      fog-voxel
      fog-vsphere (>= 0.4.0)
      fog-xenserver
      fog-xml (~> 0.1.1)
      ipaddress (~> 0.5)
      json (>= 1.8, < 2.0)
    fog-aliyun (0.2.0)
      fog-core (~> 1.27)
      fog-json (~> 1.0)
      ipaddress (~> 0.8)
      xml-simple (~> 1.1)
    fog-atmos (0.1.0)
      fog-core
      fog-xml
    fog-aws (1.4.0)
      fog-core (~> 1.38)
      fog-json (~> 1.0)
      fog-xml (~> 0.1)
      ipaddress (~> 0.8)
    fog-brightbox (0.13.0)
      fog-core (~> 1.22)
      fog-json
      inflecto (~> 0.0.2)
    fog-cloudatcost (0.1.2)
      fog-core (~> 1.36)
      fog-json (~> 1.0)
      fog-xml (~> 0.1)
      ipaddress (~> 0.8)
    fog-core (1.45.0)
      builder
      excon (~> 0.58)
      formatador (~> 0.2)
    fog-digitalocean (0.3.0)
      fog-core (~> 1.42)
      fog-json (>= 1.0)
      fog-xml (>= 0.1)
      ipaddress (>= 0.5)
    fog-dnsimple (1.0.0)
      fog-core (~> 1.38)
      fog-json (~> 1.0)
    fog-dynect (0.0.3)
      fog-core
      fog-json
      fog-xml
    fog-ecloud (0.3.0)
      fog-core
      fog-xml
    fog-google (0.0.9)
      fog-core
      fog-json
      fog-xml
    fog-internet-archive (0.0.1)
      fog-core
      fog-json
      fog-xml
    fog-joyent (0.0.1)
      fog-core (~> 1.42)
      fog-json (>= 1.0)
    fog-json (1.0.2)
      fog-core (~> 1.0)
      multi_json (~> 1.10)
    fog-local (0.3.1)
      fog-core (~> 1.27)
    fog-openstack (0.1.21)
      fog-core (>= 1.40)
      fog-json (>= 1.0)
      ipaddress (>= 0.8)
    fog-powerdns (0.1.1)
      fog-core (~> 1.27)
      fog-json (~> 1.0)
      fog-xml (~> 0.1)
    fog-profitbricks (3.0.0)
      fog-core (~> 1.42)
      fog-json (~> 1.0)
    fog-rackspace (0.1.5)
      fog-core (>= 1.35)
      fog-json (>= 1.0)
      fog-xml (>= 0.1)
      ipaddress (>= 0.8)
    fog-radosgw (0.0.5)
      fog-core (>= 1.21.0)
      fog-json
      fog-xml (>= 0.0.1)
    fog-riakcs (0.1.0)
      fog-core
      fog-json
      fog-xml
    fog-sakuracloud (1.7.5)
      fog-core
      fog-json
    fog-serverlove (0.1.2)
      fog-core
      fog-json
    fog-softlayer (1.1.4)
      fog-core
      fog-json
    fog-storm_on_demand (0.1.1)
      fog-core
      fog-json
    fog-terremark (0.1.0)
      fog-core
      fog-xml
    fog-vmfusion (0.1.0)
      fission
      fog-core
    fog-voxel (0.1.0)
      fog-core
      fog-xml
    fog-vsphere (1.11.3)
      fog-core
      rbvmomi (~> 1.9)
    fog-xenserver (0.3.0)
      fog-core
      fog-xml
    fog-xml (0.1.3)
      fog-core
      nokogiri (>= 1.5.11, < 2.0.0)
    foreman (0.83.0)
      thor (~> 0.19.1)
    formatador (0.2.5)
    gds-sso (9.2.2)
      omniauth-gds (>= 3.0.0)
      rack-accept (~> 0.4.4)
      rails (>= 3.0.0)
      warden (~> 1.2)
    govspeak (1.2.5)
      htmlentities (~> 4)
      kramdown (~> 0.13.3)
      sanitize (~> 2.0.3)
    govuk_content_models (6.1.0)
      bson_ext
      differ
      gds-api-adapters
      gds-sso (>= 7.0.0, < 10.0.0)
      govspeak (>= 1.0.1, < 2.0.0)
      mongoid (~> 2.5)
      plek
      state_machine
    has_scope (0.5.1)
    hashie (3.4.3)
    hike (1.2.3)
    htmlentities (4.3.4)
    http_parser.rb (0.5.3)
    httparty (0.13.7)
      json (~> 1.8)
      multi_xml (>= 0.5.2)
    i18n (0.8.4)
    inflecto (0.0.2)
    inherited_resources (1.4.0)
      has_scope (~> 0.5.0)
      responders (~> 0.9)
    ipaddress (0.8.3)
    journey (1.0.4)
    jquery-rails (2.0.2)
      railties (>= 3.2.0, < 5.0)
      thor (~> 0.14)
    json (1.8.6)
    jwt (1.5.2)
    kaminari (0.17.0)
      actionpack (>= 3.0.0)
      activesupport (>= 3.0.0)
    kramdown (0.13.8)
    launchy (2.4.3)
      addressable (~> 2.3)
    less (2.2.2)
      commonjs (~> 0.2.6)
    less-rails (2.2.6)
      actionpack (>= 3.1)
      less (~> 2.2.0)
    less-rails-bootstrap (2.0.13)
      less-rails (~> 2.2.0)
    libv8 (3.16.14.19)
    link_header (0.0.8)
    lograge (0.3.6)
      actionpack (>= 3)
      activesupport (>= 3)
      railties (>= 3)
    lrucache (0.1.4)
      PriorityQueue (~> 0.1.2)
    mail (2.5.4)
      mime-types (~> 1.16)
      treetop (~> 1.4.8)
    metaclass (0.0.4)
    mime-types (1.25.1)
    mini_portile2 (2.1.0)
    minitest (3.3.0)
    mlanett-redis-lock (0.2.7)
      redis
    mocha (1.2.1)
      metaclass (~> 0.0.1)
    mongo (1.7.1)
      bson (~> 1.7.1)
    mongoid (2.6.0)
      activemodel (~> 3.1)
      mongo (~> 1.7)
      tzinfo (~> 0.3.22)
    mongoid-tree (0.7.0)
      mongoid (~> 2.0)
    mongoid_rails_migrations (1.0.0)
      activesupport (>= 3.2.0)
      bundler (>= 1.0.0)
      rails (>= 3.2.0)
      railties (>= 3.2.0)
    mongoid_spacial (0.2.17)
      activesupport (~> 3.0)
      mongoid (>= 2.1.0, < 3.0.0)
    multi_json (1.12.1)
    multi_xml (0.5.5)
    multipart-post (2.0.0)
    net-ssh (2.9.2)
    nokogiri (1.6.8.1)
      mini_portile2 (~> 2.1.0)
    null_logger (0.0.1)
    oauth2 (1.0.0)
      faraday (>= 0.8, < 0.10)
      jwt (~> 1.0)
      multi_json (~> 1.3)
      multi_xml (~> 0.5)
      rack (~> 1.2)
    omniauth (1.2.2)
      hashie (>= 1.2, < 4)
      rack (~> 1.0)
    omniauth-gds (3.2.1)
      multi_json (~> 1.10)
      omniauth-oauth2 (= 1.3.1)
    omniauth-oauth2 (1.3.1)
      oauth2 (~> 1.0)
      omniauth (~> 1.2)
    plek (2.0.0)
    poltergeist (1.0.3)
      capybara (~> 1.1)
      childprocess (~> 0.3)
      faye-websocket (~> 0.4.4)
      http_parser.rb (~> 0.5.3)
      multi_json (~> 1.0)
    polyglot (0.3.5)
    quiet_assets (1.1.0)
      railties (>= 3.1, < 5.0)
    rack (1.4.7)
    rack-accept (0.4.5)
      rack (>= 0.4)
    rack-cache (1.6.1)
      rack (>= 0.4)
    rack-ssl (1.3.4)
      rack
    rack-test (0.6.3)
      rack (>= 1.0)
    rails (3.2.22)
      actionmailer (= 3.2.22)
      actionpack (= 3.2.22)
      activerecord (= 3.2.22)
      activeresource (= 3.2.22)
      activesupport (= 3.2.22)
      bundler (~> 1.0)
      railties (= 3.2.22)
    rails_12factor (0.0.3)
      rails_serve_static_assets
      rails_stdout_logging
    rails_serve_static_assets (0.0.5)
    rails_stdout_logging (0.0.5)
    railties (3.2.22)
      actionpack (= 3.2.22)
      activesupport (= 3.2.22)
      rack-ssl (~> 1.3.2)
      rake (>= 0.8.7)
      rdoc (~> 3.4)
      thor (>= 0.14.6, < 2.0)
    rake (12.0.0)
    rbvmomi (1.11.3)
      builder (~> 3.0)
      json (>= 1.8)
      nokogiri (~> 1.5)
      trollop (~> 2.1)
    rdoc (3.12.2)
      json (~> 1.4)
    redis (3.0.3)
    ref (2.0.0)
    responders (0.9.3)
      railties (~> 3.1)
    rest-client (1.6.9)
      mime-types (~> 1.16)
    retriable (2.1.0)
    reverse_markdown (0.3.0)
      nokogiri
    rubyzip (1.1.7)
    safe_yaml (1.0.4)
    sanitize (2.0.6)
      nokogiri (>= 1.4.4)
    selenium-webdriver (2.48.1)
      childprocess (~> 0.5)
      multi_json (~> 1.0)
      rubyzip (~> 1.0)
      websocket (~> 1.0)
    shoulda (3.5.0)
      shoulda-context (~> 1.0, >= 1.0.1)
      shoulda-matchers (>= 1.4.1, < 3.0)
    shoulda-context (1.2.1)
    shoulda-matchers (2.8.0)
      activesupport (>= 3.0.0)
    simplecov (0.15.1)
      docile (~> 1.1.0)
      json (>= 1.8, < 3)
      simplecov-html (~> 0.10.0)
    simplecov-html (0.10.2)
    simplecov-rcov (0.2.3)
      simplecov (>= 0.4.1)
    sprockets (2.2.3)
      hike (~> 1.2)
      multi_json (~> 1.0)
      rack (~> 1.0)
      tilt (~> 1.1, != 1.3.0)
    state_machine (1.2.0)
    statsd-ruby (1.4.0)
    tagmanager-rails (3.0.1.0)
      railties (>= 3.0, < 5.0)
    therubyracer (0.12.3)
      libv8 (~> 3.16.14.15)
      ref
    thin (1.7.2)
      daemons (~> 1.0, >= 1.0.9)
      eventmachine (~> 1.0, >= 1.0.4)
      rack (>= 1, < 3)
    thor (0.19.4)
    tilt (1.4.1)
    timecop (0.9.1)
    treetop (1.4.15)
      polyglot
      polyglot (>= 0.3.1)
    trollop (2.1.2)
    turn (0.9.6)
      ansi
    tzinfo (0.3.46)
    uglifier (3.2.0)
      execjs (>= 0.3.0, < 3)
    warden (1.2.4)
      rack (>= 1.0)
    webmock (1.8.11)
      addressable (>= 2.2.7)
      crack (>= 0.1.7)
    websocket (1.2.2)
    whenever (0.9.7)
      chronic (>= 0.6.3)
    xml-simple (1.1.5)
    xpath (0.1.4)
      nokogiri (~> 1.3)

PLATFORMS
  ruby

DEPENDENCIES
  airbrake
  bootstrap-datepicker-rails
  capybara (= 1.1.4)
  ci_reporter (~> 1.0)
  country-select!
  database_cleaner (= 1.4.1)
  dotenv-rails (~> 2.2)
  epic-editor-rails!
  erubis
  factory_girl_rails
  faker (= 1.1.2)
  fog
  fog-google (< 0.1.0)
  foreman (< 0.84.0)
  formtastic!
  formtastic-bootstrap!
  gds-api-adapters!
  gds-sso (= 9.2.2)
  govuk_content_models (= 6.1.0)
  has_scope (= 0.5.1)
  inherited_resources (= 1.4)
  jquery-rails (= 2.0.2)
  kaminari (= 0.17.0)
  launchy
  less-rails-bootstrap (~> 2.0.0)
  lograge (= 0.3.6)
  minitest (= 3.3.0)
  mlanett-redis-lock (= 0.2.7)
  mocha (= 1.2.1)
  mongo (= 1.7.1)
  mongoid-tree
  mongoid_rails_migrations (= 1.0.0)
  nested_form!
  net-ssh (< 3.0.0)
  null_logger
  odi_content_models!
  odidown!
  odlifier!
  plek (= 2.0.0)
  poltergeist
  quiet_assets
  rack-cache (< 1.7.0)
  rails (~> 3.2.16)
  rails_12factor
  redis (= 3.0.3)
  rest-client
  retriable
  reverse_markdown (~> 0.3.0)
  shoulda
  simplecov (~> 0.15.1)
  simplecov-rcov (~> 0.2.3)
  statsd-ruby (= 1.4.0)
  tagmanager-rails
  therubyracer (~> 0.12.3)
  thin
  timecop
  turn (= 0.9.6)
  uglifier
  webmock (~> 1.8.7)
  whenever

RUBY VERSION
   ruby 1.9.3p551

BUNDLED WITH
   1.13.7
