GIT
  remote: git://github.com/ninkibah/country-select.git
  revision: 727258eaaf50c84271f8022c045003bdd7b221bc
  specs:
    country-select (1.2.4)

GIT
  remote: git://github.com/theodi/gds-api-adapters.git
  revision: cae3a08d8e6932f5f37fe889aadd78be897778fc
  specs:
    gds-api-adapters (7.5.0)
      activesupport
      link_header
      lrucache (~> 0.1.1)
      null_logger
      plek
      rest-client (~> 1.6.3)

GIT
  remote: git://github.com/theodi/govuk_content_models.git
  revision: d2c8536da24a9ef003e1eb40f5bac2074dfa478b
  branch: feature-lambda-format-validator
  specs:
    govuk_content_models (5.10.0)
      bson_ext
      differ
      gds-api-adapters
      gds-sso (>= 3.0.0, < 4.0.0)
      govspeak (>= 1.0.1, < 2.0.0)
      mongoid (~> 2.4.10)
      plek
      state_machine

GIT
  remote: git://github.com/theodi/odi_content_models.git
  revision: 393763504ce66f9b8353bbb1767f206eb767e0a7
  specs:
    odi_content_models (0.0.1)
      govuk_content_models

GIT
  remote: git://github.com/theodi/odidown.git
  revision: bd8457881846f2992d8aa6bc3a4068e34b57e067
  specs:
    odidown (0.0.1)
      govspeak (~> 1.2.3)

GIT
  remote: git://github.com/theodi/odlifier.git
  revision: c5fadc804338f9671f8c5ead9687bc250e6d021e
  specs:
    odlifier (0.0.1)
      httparty

GIT
  remote: git://github.com/zethussuen/epic-editor-rails.git
  revision: 66e0cac7d901d36c430adbc6c9429b9c4a5e2503
  specs:
    epic-editor-rails (0.2.0)
      railties (>= 3.2, < 5.0)

GIT
  remote: https://github.com/alphagov/nested_form.git
  revision: ac43d8fe0cd3805b7309169ca8fbdd6a1527d9b5
  branch: add-wrapper-class
  specs:
    nested_form (0.3.2)

GIT
  remote: https://github.com/cgunther/formtastic-bootstrap.git
  revision: 3428fef4f7870b01241d65893b882ad32cfc18d8
  branch: bootstrap-2
  specs:
    formtastic-bootstrap (1.2.0)
      formtastic
      rails (>= 3.1.0)

GIT
  remote: https://github.com/justinfrench/formtastic.git
  revision: 7b7428fa4a6a44aea1e8278523f4f45f2570a33d
  branch: 2.1-stable
  specs:
    formtastic (2.1.1)
      actionpack (~> 3.0)

GEM
  remote: https://rubygems.org/
  remote: https://BnrJb6FZyzspBboNJzYZ@gem.fury.io/govuk/
  specs:
    PriorityQueue (0.1.2)
    actionmailer (3.2.13)
      actionpack (= 3.2.13)
      mail (~> 2.5.3)
    actionpack (3.2.13)
      activemodel (= 3.2.13)
      activesupport (= 3.2.13)
      builder (~> 3.0.0)
      erubis (~> 2.7.0)
      journey (~> 1.0.4)
      rack (~> 1.4.5)
      rack-cache (~> 1.2)
      rack-test (~> 0.6.1)
      sprockets (~> 2.2.1)
    activemodel (3.2.13)
      activesupport (= 3.2.13)
      builder (~> 3.0.0)
    activerecord (3.2.13)
      activemodel (= 3.2.13)
      activesupport (= 3.2.13)
      arel (~> 3.0.2)
      tzinfo (~> 0.3.29)
    activeresource (3.2.13)
      activemodel (= 3.2.13)
      activesupport (= 3.2.13)
    activesupport (3.2.13)
      i18n (= 0.6.1)
      multi_json (~> 1.0)
    addressable (2.3.5)
    ansi (1.4.3)
    arel (3.0.3)
    aws-ses (0.5.0)
      builder
      mail (> 2.2.5)
      mime-types
      xml-simple
    bootstrap-datepicker-rails (1.1.1.11)
      railties (>= 3.0)
    bson (1.6.4)
    bson_ext (1.6.4)
      bson (~> 1.6.4)
    builder (3.0.4)
    capybara (1.1.4)
      mime-types (>= 1.16)
      nokogiri (>= 1.3.3)
      rack (>= 1.0.0)
      rack-test (>= 0.5.4)
      selenium-webdriver (~> 2.0)
      xpath (~> 0.1.4)
    capybara-webkit (0.12.1)
      capybara (>= 1.0.0, < 1.2)
      json
    childprocess (0.3.9)
      ffi (~> 1.0, >= 1.0.11)
    chronic (0.10.2)
    ci_reporter (1.9.0)
      builder (>= 2.1.2)
    commonjs (0.2.7)
    crack (0.4.1)
      safe_yaml (~> 0.9.0)
    daemons (1.1.9)
    database_cleaner (1.2.0)
    differ (0.1.2)
    dotenv (0.9.0)
    dotenv-rails (0.9.0)
      dotenv (= 0.9.0)
    erubis (2.7.0)
    eventmachine (1.0.3)
    exception_notification (2.6.1)
      actionmailer (>= 3.0.4)
    excon (0.31.0)
    execjs (2.0.2)
    factory_girl (4.3.0)
      activesupport (>= 3.0.0)
    factory_girl_rails (4.3.0)
      factory_girl (~> 4.3.0)
      railties (>= 3.0.0)
    faker (1.1.2)
      i18n (~> 0.5)
    faraday (0.8.8)
      multipart-post (~> 1.2.0)
    ffi (1.9.3)
    fog (1.19.0)
      builder
      excon (~> 0.31.0)
      formatador (~> 0.2.0)
      mime-types
      multi_json (~> 1.0)
      net-scp (~> 1.1)
      net-ssh (>= 2.1.3)
      nokogiri (~> 1.5)
      ruby-hmac
    foreman (0.63.0)
      dotenv (>= 0.7)
      thor (>= 0.13.6)
    formatador (0.2.4)
    gds-sso (3.0.5)
      omniauth-gds (~> 0.0.3)
      rack-accept (~> 0.4.4)
      rails (>= 3.0.0)
      warden (~> 1.2)
    govspeak (1.2.5)
      htmlentities (~> 4)
      kramdown (~> 0.13.3)
      sanitize (~> 2.0.3)
    has_scope (0.5.1)
    hashie (2.0.5)
    hike (1.2.3)
    htmlentities (4.3.1)
    httparty (0.12.0)
      json (~> 1.8)
      multi_xml (>= 0.5.2)
    httpauth (0.2.0)
    i18n (0.6.1)
    inherited_resources (1.4.0)
      has_scope (~> 0.5.0)
      responders (~> 0.9)
    journey (1.0.4)
    jquery-rails (3.0.4)
      railties (>= 3.0, < 5.0)
      thor (>= 0.14, < 2.0)
    json (1.8.1)
    jwt (0.1.8)
      multi_json (>= 1.5)
    kaminari (0.13.0)
      actionpack (>= 3.0.0)
      activesupport (>= 3.0.0)
      railties (>= 3.0.0)
    kramdown (0.13.8)
    launchy (2.4.2)
      addressable (~> 2.3)
    less (2.4.0)
      commonjs (~> 0.2.7)
    less-rails (2.4.2)
      actionpack (>= 3.1)
      less (~> 2.4.0)
    less-rails-bootstrap (3.0.6)
      less-rails (~> 2.4.2)
    libv8 (3.16.14.3)
    link_header (0.0.8)
    lograge (0.2.0)
      actionpack
      activesupport
    lrucache (0.1.4)
      PriorityQueue (~> 0.1.2)
    mail (2.5.4)
      mime-types (~> 1.16)
      treetop (~> 1.4.8)
    metaclass (0.0.1)
    mime-types (1.25.1)
    mini_portile (0.5.2)
    minitest (3.3.0)
    mlanett-redis-lock (0.2.2)
      redis
    mocha (0.13.3)
      metaclass (~> 0.0.1)
    mongo (1.6.2)
      bson (~> 1.6.2)
    mongoid (2.4.12)
      activemodel (~> 3.1)
      mongo (<= 1.6.2)
      tzinfo (~> 0.3.22)
    mongoid_rails_migrations (1.0.0)
      activesupport (>= 3.2.0)
      bundler (>= 1.0.0)
      rails (>= 3.2.0)
      railties (>= 3.2.0)
    multi_json (1.8.2)
    multi_xml (0.5.5)
    multipart-post (1.2.0)
    net-scp (1.1.2)
      net-ssh (>= 2.6.5)
    net-ssh (2.7.0)
    nokogiri (1.6.1)
      mini_portile (~> 0.5.0)
    null_logger (0.0.1)
    oauth2 (0.8.1)
      faraday (~> 0.8)
      httpauth (~> 0.1)
      jwt (~> 0.1.4)
      multi_json (~> 1.0)
      rack (~> 1.2)
    omniauth (1.1.4)
      hashie (>= 1.2, < 3)
      rack
    omniauth-gds (0.0.4)
      omniauth-oauth2 (~> 1.0)
    omniauth-oauth2 (1.1.1)
      oauth2 (~> 0.8.0)
      omniauth (~> 1.0)
    plek (1.4.0)
    polyglot (0.3.3)
    rack (1.4.5)
    rack-accept (0.4.5)
      rack (>= 0.4)
    rack-cache (1.2)
      rack (>= 0.4)
    rack-ssl (1.3.3)
      rack
    rack-test (0.6.2)
      rack (>= 1.0)
    rails (3.2.13)
      actionmailer (= 3.2.13)
      actionpack (= 3.2.13)
      activerecord (= 3.2.13)
      activeresource (= 3.2.13)
      activesupport (= 3.2.13)
      bundler (~> 1.0)
      railties (= 3.2.13)
    railties (3.2.13)
      actionpack (= 3.2.13)
      activesupport (= 3.2.13)
      rack-ssl (~> 1.3.2)
      rake (>= 0.8.7)
      rdoc (~> 3.4)
      thor (>= 0.14.6, < 2.0)
    rake (10.1.1)
    rdoc (3.12.2)
      json (~> 1.4)
    redis (3.0.3)
    ref (1.0.5)
    responders (0.9.3)
      railties (~> 3.1)
    rest-client (1.6.7)
      mime-types (>= 1.16)
    retriable (1.4.1)
    reverse_markdown (0.4.7)
      nokogiri
    ruby-hmac (0.4.0)
    rubyzip (1.1.0)
    safe_yaml (0.9.7)
    sanitize (2.0.6)
      nokogiri (>= 1.4.4)
    selenium-webdriver (2.39.0)
      childprocess (>= 0.2.5)
      multi_json (~> 1.0)
      rubyzip (~> 1.0)
      websocket (~> 1.0.4)
    shoulda (3.5.0)
      shoulda-context (~> 1.0, >= 1.0.1)
      shoulda-matchers (>= 1.4.1, < 3.0)
    shoulda-context (1.1.6)
    shoulda-matchers (2.4.0)
      activesupport (>= 3.0.0)
    simplecov (0.6.4)
      multi_json (~> 1.0)
      simplecov-html (~> 0.5.3)
    simplecov-html (0.5.3)
    simplecov-rcov (0.2.3)
      simplecov (>= 0.4.1)
    sprockets (2.2.2)
      hike (~> 1.2)
      multi_json (~> 1.0)
      rack (~> 1.0)
      tilt (~> 1.1, != 1.3.0)
    state_machine (1.2.0)
    statsd-ruby (1.0.0)
    therubyracer (0.12.0)
      libv8 (~> 3.16.14.0)
      ref
    thin (1.6.1)
      daemons (>= 1.0.9)
      eventmachine (>= 1.0.0)
      rack (>= 1.0.0)
    thor (0.18.1)
    tilt (1.4.1)
    timecop (0.7.0)
    treetop (1.4.15)
      polyglot
      polyglot (>= 0.3.1)
    turn (0.9.6)
      ansi
    tzinfo (0.3.38)
    uglifier (2.4.0)
      execjs (>= 0.3.0)
      json (>= 1.8.0)
    warden (1.2.3)
      rack (>= 1.0)
    webmock (1.16.1)
      addressable (>= 2.2.7)
      crack (>= 0.3.2)
    websocket (1.0.7)
    whenever (0.9.0)
      activesupport (>= 2.3.4)
      chronic (>= 0.6.3)
    xml-simple (1.1.2)
    xpath (0.1.4)
      nokogiri (~> 1.3)

PLATFORMS
  ruby

DEPENDENCIES
  aws-ses
  bootstrap-datepicker-rails
  capybara (= 1.1.4)
  capybara-webkit (= 0.12.1)
  ci_reporter
  country-select!
  database_cleaner
  dotenv-rails
  epic-editor-rails!
  erubis
  exception_notification (= 2.6.1)
  factory_girl_rails
  faker (= 1.1.2)
  fog
  foreman
  formtastic!
  formtastic-bootstrap!
  gds-api-adapters!
  gds-sso (~> 3.0.5)
  govuk_content_models!
  has_scope
  inherited_resources
  jquery-rails
  kaminari (= 0.13.0)
  launchy
  less-rails-bootstrap
  lograge (= 0.2.0)
  minitest (= 3.3.0)
  mlanett-redis-lock (= 0.2.2)
  mocha (= 0.13.3)
  mongo (= 1.6.2)
  mongoid_rails_migrations (= 1.0.0)
  nested_form!
  null_logger
  odi_content_models!
  odidown!
  odlifier!
  plek (= 1.4.0)
  rails (= 3.2.13)
  redis (= 3.0.3)
  rest-client
  retriable
  reverse_markdown
  shoulda
  simplecov (~> 0.6.4)
  simplecov-rcov (~> 0.2.3)
  statsd-ruby (= 1.0.0)
  therubyracer (~> 0.12.0)
  thin
  timecop
  turn (= 0.9.6)
  uglifier
  webmock
  whenever
